GEM
  remote: https://rubygems.org/
  specs:
    activemodel (5.0.0.1)
      activesupport (= 5.0.0.1)
    activerecord (5.0.0.1)
      activemodel (= 5.0.0.1)
      activesupport (= 5.0.0.1)
      arel (~> 7.0)
    activesupport (5.0.0.1)
      concurrent-ruby (~> 1.0, >= 1.0.2)
      i18n (~> 0.7)
      minitest (~> 5.1)
      tzinfo (~> 1.1)
    airbrussh (1.1.1)
      sshkit (>= 1.6.1, != 1.7.0)
    arel (7.1.4)
    bcrypt (3.1.11)
    capistrano (3.7.0)
      airbrussh (>= 1.0.0)
      capistrano-harrow
      i18n
      rake (>= 10.0.0)
      sshkit (>= 1.9.0)
    capistrano-bundler (1.2.0)
      capistrano (~> 3.1)
      sshkit (~> 1.2)
    capistrano-harrow (0.5.3)
    capistrano-passenger (0.2.0)
      capistrano (~> 3.0)
    capistrano-rbenv (2.1.0)
      capistrano (~> 3.1)
      sshkit (~> 1.3)
    carrierwave (1.1.0)
      activemodel (>= 4.0.0)
      activesupport (>= 4.0.0)
      mime-types (>= 1.16)
    concurrent-ruby (1.0.2)
    enumerable-lazy (0.0.2)
    haml (4.0.7)
      tilt
    i18n (0.7.0)
    mail (2.6.4)
      mime-types (>= 1.16, < 4)
    mime-types (2.99.3)
    minitest (5.10.1)
    moneta (0.8.1)
    mustermann19 (0.4.4)
      enumerable-lazy
    net-scp (1.2.1)
      net-ssh (>= 2.6.5)
    net-ssh (3.2.0)
    padrino (0.13.3.2)
      padrino-admin (= 0.13.3.2)
      padrino-cache (= 0.13.3.2)
      padrino-core (= 0.13.3.2)
      padrino-gen (= 0.13.3.2)
      padrino-helpers (= 0.13.3.2)
      padrino-mailer (= 0.13.3.2)
      padrino-support (= 0.13.3.2)
    padrino-admin (0.13.3.2)
      padrino-core (= 0.13.3.2)
      padrino-helpers (= 0.13.3.2)
    padrino-cache (0.13.3.2)
      moneta (~> 0.8.0)
      padrino-core (= 0.13.3.2)
      padrino-helpers (= 0.13.3.2)
    padrino-core (0.13.3.2)
      activesupport (>= 3.1)
      mustermann19
      padrino-support (= 0.13.3.2)
      rack-protection (>= 1.5.0)
      sinatra (>= 1.4.6)
      thor (~> 0.18)
    padrino-gen (0.13.3.2)
      bundler (~> 1.0)
      padrino-core (= 0.13.3.2)
    padrino-helpers (0.13.3.2)
      i18n (~> 0.6, >= 0.6.7)
      padrino-support (= 0.13.3.2)
      tilt (>= 1.4.1, < 3)
    padrino-mailer (0.13.3.2)
      mail (~> 2.5)
      mime-types (< 3)
      padrino-core (= 0.13.3.2)
    padrino-support (0.13.3.2)
      activesupport (>= 3.1)
    rack (1.6.5)
    rack-protection (1.5.3)
      rack
    rake (12.0.0)
    sass (3.4.22)
    sinatra (1.4.7)
      rack (~> 1.5)
      rack-protection (~> 1.4)
      tilt (>= 1.3, < 3)
    sqlite3 (1.3.12)
    sshkit (1.11.4)
      net-scp (>= 1.1.2)
      net-ssh (>= 2.8.0)
    thor (0.19.4)
    thread_safe (0.3.5)
    tilt (2.0.5)
    tzinfo (1.2.2)
      thread_safe (~> 0.1)

PLATFORMS
  ruby

DEPENDENCIES
  activerecord (>= 3.1)
  activesupport (>= 3.1)
  bcrypt
  capistrano-bundler
  capistrano-passenger
  capistrano-rbenv
  carrierwave
  haml
  padrino (= 0.13.3.2)
  rake
  sass
  sqlite3

BUNDLED WITH
   1.15.1
